GEM
  remote: https://rubygems.org/
  specs:
    chunky_png (1.3.1)
    coffee-script (2.2.0)
      coffee-script-source
      execjs
    coffee-script-source (1.7.0)
    compass (0.12.6)
      chunky_png (~> 1.2)
      fssm (>= 0.2.7)
      sass (~> 3.2.19)
    dotenv (0.8.0)
    ejs (1.1.1)
    execjs (2.2.1)
    foreman (0.63.0)
      dotenv (>= 0.7)
      thor (>= 0.13.6)
    fssm (0.2.10)
    hike (1.2.3)
    json (1.8.1)
    multi_json (1.10.1)
    rack (1.5.2)
    sass (3.2.19)
    savanna (0.0.7)
      coffee-script
      compass
      ejs
      rack
      sass
      sprockets
      sprockets-helpers
      sprockets-sass
      uglifier
      yui-compressor
    sprockets (2.12.1)
      hike (~> 1.2)
      multi_json (~> 1.0)
      rack (~> 1.0)
      tilt (~> 1.1, != 1.3.0)
    sprockets-helpers (1.1.0)
      sprockets (~> 2.0)
    sprockets-sass (1.1.0)
      sprockets (~> 2.0)
      tilt (~> 1.1)
    thor (0.19.1)
    tilt (1.4.1)
    uglifier (2.5.1)
      execjs (>= 0.3.0)
      json (>= 1.8.0)
    yui-compressor (0.12.0)

PLATFORMS
  ruby

DEPENDENCIES
  foreman
  savanna
